GIT
  remote: git://github.com/Toura/jshintrb.git
  revision: 38579f7621a870a69fb9de6e50376e7ec28c36a6
  specs:
    jshintrb (1.0.2)
      therubyracer (= 0.8.0)

GEM
  remote: http://rubygems.org/
  specs:
    activesupport (3.0.9)
    addressable (2.2.6)
    capybara (1.0.1)
      mime-types (>= 1.16)
      nokogiri (>= 1.3.3)
      rack (>= 1.0.0)
      rack-test (>= 0.5.4)
      selenium-webdriver (~> 2.0)
      xpath (~> 0.1.4)
    childprocess (0.2.1)
      ffi (~> 1.0.6)
    coffee-script (2.2.0)
      coffee-script-source (= 1.1.1)
      coffee-script-source
      execjs
    coffee-script-source (1.1.1)
    diff-lcs (1.1.2)
    evergreen (0.4.1)
      capybara (~> 1.0)
      coffee-script
      json_pure
      launchy
      sinatra (~> 1.1)
    execjs (1.2.0)
      multi_json (~> 1.0)
    ffi (1.0.9)
    haml (3.1.2)
    i18n (0.5.0)
    json_pure (1.5.3)
    kramdown (0.13.3)
    launchy (2.0.4)
      addressable (~> 2.2.6)
    mime-types (1.16)
    multi_json (1.0.3)
    mustache (0.99.4)
    nokogiri (1.5.0)
    rack (1.2.3)
    rack-test (0.5.7)
      rack (>= 1.0)
    rake (0.9.2)
    rspec (2.6.0)
      rspec-core (~> 2.6.0)
      rspec-expectations (~> 2.6.0)
      rspec-mocks (~> 2.6.0)
    rspec-core (2.6.4)
    rspec-expectations (2.6.0)
      diff-lcs (~> 1.1.2)
    rspec-mocks (2.6.0)
    rubyzip (0.9.4)
    sass (3.1.4)
    selenium-webdriver (2.5.0)
      childprocess (>= 0.2.1)
      ffi (>= 1.0.7)
      json_pure
      rubyzip
    sinatra (1.2.6)
      rack (~> 1.1)
      tilt (>= 1.2.2, < 2.0)
    therubyracer (0.8.0)
    tilt (1.3.2)
    xpath (0.1.4)
      nokogiri (~> 1.3)

PLATFORMS
  ruby

DEPENDENCIES
  activesupport (~> 3.0.9)
  evergreen
  haml (= 3.1.2)
  i18n
  jshintrb!
  kramdown
  mustache
  rake (= 0.9.2)
  rspec
  sass (= 3.1.4)
  sinatra (= 1.2.6)
