GEM
  remote: http://rubygems.org/
  specs:
    haml (3.1.2)
    kramdown (0.13.3)
    mustache (0.99.4)
    rack (1.3.4)
    rake (0.9.2)
    sass (3.1.4)
    sinatra (1.2.6)
      rack (~> 1.1)
      tilt (< 2.0, >= 1.2.2)
    tilt (1.3.3)

PLATFORMS
  ruby

DEPENDENCIES
  haml (= 3.1.2)
  kramdown
  mustache
  rake (= 0.9.2)
  sass (= 3.1.4)
  sinatra (= 1.2.6)
