GEM
  remote: http://rubygems.org/
  specs:
    sinatra-cross_origin (0.1.0)

PLATFORMS
  ruby

DEPENDENCIES
  sinatra-cross_origin
